PATH
  remote: .
  specs:
    restful_resource_bugsnag (0.5.2)
      bugsnag (~> 6)
      restful_resource (~> 2)

GEM
  remote: https://rubygems.org/
  specs:
    activesupport (6.0.3.4)
      concurrent-ruby (~> 1.0, >= 1.0.2)
      i18n (>= 0.7, < 2)
      minitest (~> 5.1)
      tzinfo (~> 1.1)
      zeitwerk (~> 2.2, >= 2.2.2)
    addressable (2.8.0)
      public_suffix (>= 2.0.2, < 5.0)
    bugsnag (6.18.0)
      concurrent-ruby (~> 1.0)
    concurrent-ruby (1.1.7)
    crack (0.4.3)
      safe_yaml (~> 1.0.0)
    diff-lcs (1.3)
    ethon (0.12.0)
      ffi (>= 1.3.0)
    faraday (1.1.0)
      multipart-post (>= 1.2, < 3)
      ruby2_keywords
    faraday-cdn-metrics (0.2.0)
      faraday (~> 1)
    faraday-encoding (0.0.5)
      faraday
    faraday-http-cache (2.2.0)
      faraday (>= 0.8)
    faraday_middleware (1.0.0)
      faraday (~> 1.0)
    ffi (1.13.1)
    hashdiff (0.3.9)
    i18n (1.8.5)
      concurrent-ruby (~> 1.0)
    link_header (0.0.8)
    minitest (5.14.2)
    multipart-post (2.1.1)
    public_suffix (4.0.6)
    rack (2.2.3)
    rake (13.0.1)
    restful_resource (2.10.3)
      activesupport (~> 6.0)
      faraday (~> 1.0)
      faraday-cdn-metrics (~> 0.2)
      faraday-encoding
      faraday-http-cache (~> 2.2)
      faraday_middleware (~> 1.0)
      link_header
      rack (~> 2.2)
      typhoeus (~> 1.4)
    rspec (3.8.0)
      rspec-core (~> 3.8.0)
      rspec-expectations (~> 3.8.0)
      rspec-mocks (~> 3.8.0)
    rspec-core (3.8.0)
      rspec-support (~> 3.8.0)
    rspec-expectations (3.8.3)
      diff-lcs (>= 1.2.0, < 2.0)
      rspec-support (~> 3.8.0)
    rspec-mocks (3.8.0)
      diff-lcs (>= 1.2.0, < 2.0)
      rspec-support (~> 3.8.0)
    rspec-support (3.8.0)
    ruby2_keywords (0.0.2)
    safe_yaml (1.0.5)
    thread_safe (0.3.6)
    typhoeus (1.4.0)
      ethon (>= 0.9.0)
    tzinfo (1.2.8)
      thread_safe (~> 0.1)
    webmock (3.5.1)
      addressable (>= 2.3.6)
      crack (>= 0.3.2)
      hashdiff
    zeitwerk (2.4.1)

PLATFORMS
  ruby

DEPENDENCIES
  bundler
  rake
  restful_resource_bugsnag!
  rspec
  webmock

BUNDLED WITH
   2.1.4
