PATH
  remote: .
  specs:
    restful_resource_bugsnag (0.5.3)
      bugsnag (~> 6)
      restful_resource (~> 2)

GEM
  remote: https://rubygems.org/
  specs:
    activesupport (7.0.7.2)
      concurrent-ruby (~> 1.0, >= 1.0.2)
      i18n (>= 1.6, < 2)
      minitest (>= 5.1)
      tzinfo (~> 2.0)
    addressable (2.8.0)
      public_suffix (>= 2.0.2, < 5.0)
    bugsnag (6.26.0)
      concurrent-ruby (~> 1.0)
    concurrent-ruby (1.2.2)
    crack (0.4.3)
      safe_yaml (~> 1.0.0)
    diff-lcs (1.3)
    ethon (0.16.0)
      ffi (>= 1.15.0)
    faraday (1.10.3)
      faraday-em_http (~> 1.0)
      faraday-em_synchrony (~> 1.0)
      faraday-excon (~> 1.1)
      faraday-httpclient (~> 1.0)
      faraday-multipart (~> 1.0)
      faraday-net_http (~> 1.0)
      faraday-net_http_persistent (~> 1.0)
      faraday-patron (~> 1.0)
      faraday-rack (~> 1.0)
      faraday-retry (~> 1.0)
      ruby2_keywords (>= 0.0.4)
    faraday-cdn-metrics (0.2.0)
      faraday (~> 1)
    faraday-em_http (1.0.0)
    faraday-em_synchrony (1.0.0)
    faraday-encoding (0.0.5)
      faraday
    faraday-excon (1.1.0)
    faraday-http-cache (2.5.0)
      faraday (>= 0.8)
    faraday-httpclient (1.0.1)
    faraday-multipart (1.0.4)
      multipart-post (~> 2)
    faraday-net_http (1.0.1)
    faraday-net_http_persistent (1.2.0)
    faraday-patron (1.0.0)
    faraday-rack (1.0.0)
    faraday-retry (1.0.3)
    faraday_middleware (1.2.0)
      faraday (~> 1.0)
    ffi (1.15.5)
    hashdiff (0.3.9)
    i18n (1.14.1)
      concurrent-ruby (~> 1.0)
    link_header (0.0.8)
    minitest (5.19.0)
    multipart-post (2.3.0)
    public_suffix (4.0.6)
    rack (2.2.8)
    rake (13.0.1)
    restful_resource (2.13.4)
      activesupport (>= 6, < 8)
      faraday (~> 1.0)
      faraday-cdn-metrics (~> 0.2)
      faraday-encoding
      faraday-http-cache (~> 2.2)
      faraday_middleware (~> 1.0)
      link_header
      rack (~> 2.2)
      typhoeus (~> 1.4)
    rexml (3.2.6)
    rspec (3.8.0)
      rspec-core (~> 3.8.0)
      rspec-expectations (~> 3.8.0)
      rspec-mocks (~> 3.8.0)
    rspec-core (3.8.0)
      rspec-support (~> 3.8.0)
    rspec-expectations (3.8.3)
      diff-lcs (>= 1.2.0, < 2.0)
      rspec-support (~> 3.8.0)
    rspec-mocks (3.8.0)
      diff-lcs (>= 1.2.0, < 2.0)
      rspec-support (~> 3.8.0)
    rspec-support (3.8.0)
    ruby2_keywords (0.0.5)
    safe_yaml (1.0.5)
    typhoeus (1.4.0)
      ethon (>= 0.9.0)
    tzinfo (2.0.6)
      concurrent-ruby (~> 1.0)
    webmock (3.5.1)
      addressable (>= 2.3.6)
      crack (>= 0.3.2)
      hashdiff

PLATFORMS
  ruby

DEPENDENCIES
  bundler
  rake
  restful_resource_bugsnag!
  rexml
  rspec
  webmock

BUNDLED WITH
   2.1.4
